PATH
  remote: .
  specs:
    death (0.6.2)
      facter

GEM
  remote: https://rubygems.org/
  specs:
    CFPropertyList (2.3.6)
    diff-lcs (1.3)
    facter (2.5.1)
      CFPropertyList (~> 2.2)
    rspec (3.7.0)
      rspec-core (~> 3.7.0)
      rspec-expectations (~> 3.7.0)
      rspec-mocks (~> 3.7.0)
    rspec-core (3.7.1)
      rspec-support (~> 3.7.0)
    rspec-expectations (3.7.0)
      diff-lcs (>= 1.2.0, < 2.0)
      rspec-support (~> 3.7.0)
    rspec-mocks (3.7.0)
      diff-lcs (>= 1.2.0, < 2.0)
      rspec-support (~> 3.7.0)
    rspec-support (3.7.1)

PLATFORMS
  ruby

DEPENDENCIES
  death!
  rspec (>= 3.0.0)

BUNDLED WITH
   1.13.1
